GEM
  remote: https://rubygems.org/
  specs:
    bson (4.0.4)
    json (1.8.2)
    mongo (2.2.5)
      bson (~> 4.0)

PLATFORMS
  ruby

DEPENDENCIES
  json
  mongo
